PATH
  remote: .
  specs:
    cookieyum_rails (1.0.0)
      ruby-openai
      rubyzip (~> 2.3.2)

GEM
  remote: http://rubygems.org/
  specs:
    ast (2.4.2)
    event_stream_parser (1.0.0)
    faraday (2.10.0)
      faraday-net_http (>= 2.0, < 3.2)
      logger
    faraday-multipart (1.0.4)
      multipart-post (~> 2)
    faraday-net_http (3.1.1)
      net-http
    json (2.7.2)
    language_server-protocol (3.17.0.3)
    logger (1.6.0)
    multipart-post (2.4.1)
    net-http (0.4.1)
      uri
    parallel (1.25.1)
    parser (3.3.4.0)
      ast (~> 2.4.1)
      racc
    racc (1.8.1)
    rainbow (3.1.1)
    regexp_parser (2.9.2)
    rexml (3.3.2)
      strscan
    rubocop (1.65.0)
      json (~> 2.3)
      language_server-protocol (>= 3.17.0)
      parallel (~> 1.10)
      parser (>= 3.3.0.2)
      rainbow (>= 2.2.2, < 4.0)
      regexp_parser (>= 2.4, < 3.0)
      rexml (>= 3.2.5, < 4.0)
      rubocop-ast (>= 1.31.1, < 2.0)
      ruby-progressbar (~> 1.7)
      unicode-display_width (>= 2.4.0, < 3.0)
    rubocop-ast (1.31.3)
      parser (>= 3.3.1.0)
    rubocop-performance (1.21.1)
      rubocop (>= 1.48.1, < 2.0)
      rubocop-ast (>= 1.31.1, < 2.0)
    rubocop-rspec (3.0.3)
      rubocop (~> 1.61)
    ruby-openai (7.1.0)
      event_stream_parser (>= 0.3.0, < 2.0.0)
      faraday (>= 1)
      faraday-multipart (>= 1)
    ruby-progressbar (1.13.0)
    rubyzip (2.3.2)
    strscan (3.1.0)
    unicode-display_width (2.5.0)
    uri (0.13.0)

PLATFORMS
  ruby
  x86_64-linux

DEPENDENCIES
  cookieyum_rails!
  rubocop (~> 1.65)
  rubocop-performance (~> 1.21.1)
  rubocop-rspec (~> 3.0.3)

BUNDLED WITH
   2.5.16
